GIT
  remote: git://github.com/csinitiative/rails.git
  revision: 2c2222cb7daa3c51adf551b847509b3657d50316
  branch: v2.3.5-patched
  specs:
    rails (2.3.5)

GEM
  remote: http://rubygems.org/
  specs:
    RedCloth (4.2.9)
    mocha (0.9.8)
      rake
    mysql (2.9.0)
    pg (0.14.1)
    rack (1.0.1)
    rack-mount (0.2.0)
      rack (>= 1.0.0)
    rake (0.8.7)
    sqlite3 (1.3.7)
    sqlite3-ruby (1.3.3)
      sqlite3 (>= 1.3.3)

PLATFORMS
  ruby

DEPENDENCIES
  RedCloth (>= 4.2.2)
  mocha (= 0.9.8)
  mysql (>= 2.8.1)
  pg (>= 0.8.0)
  rack (= 1.0.1)
  rack-mount (= 0.2.0)
  rails (= 2.3.5)!
  rake (= 0.8.7)
  sqlite3-ruby (>= 1.2.5)
