GEM
  remote: http://rubygems.org/
  specs:
    RedCloth (4.2.9)
    actionmailer (2.3.5)
      actionpack (= 2.3.5)
    actionpack (2.3.5)
      activesupport (= 2.3.5)
      rack (~> 1.0.0)
    activerecord (2.3.5)
      activesupport (= 2.3.5)
    activeresource (2.3.5)
      activesupport (= 2.3.5)
    activesupport (2.3.5)
    mocha (0.9.8)
      rake
    mysql (2.9.0)
    pg (0.14.1)
    rack (1.0.1)
    rack-mount (0.2.0)
      rack (>= 1.0.0)
    rails (2.3.5)
      actionmailer (= 2.3.5)
      actionpack (= 2.3.5)
      activerecord (= 2.3.5)
      activeresource (= 2.3.5)
      activesupport (= 2.3.5)
      rake (>= 0.8.3)
    rake (0.8.7)
    sqlite3 (1.3.7)
    sqlite3-ruby (1.3.3)
      sqlite3 (>= 1.3.3)

PLATFORMS
  ruby

DEPENDENCIES
  RedCloth (>= 4.2.2)
  mocha (= 0.9.8)
  mysql (>= 2.8.1)
  pg (>= 0.8.0)
  rack (= 1.0.1)
  rack-mount (= 0.2.0)
  rails (= 2.3.5)
  rake (= 0.8.7)
  sqlite3-ruby (>= 1.2.5)
